GEM
  remote: https://rubygems.org/
  specs:
    rgeo (3.0.0)
    rgeo-geojson (2.1.1)
      rgeo (>= 1.0.0)

PLATFORMS
  arm64-darwin-21

DEPENDENCIES
  rgeo-geojson

RUBY VERSION
   ruby 3.0.2p107

BUNDLED WITH
   2.4.19
